GEM
  remote: https://rubygems.org/
  specs:
    ethon (0.5.9)
      ffi (~> 1.2.0)
      mime-types (~> 1.18)
    ffi (1.2.1)
    mime-types (1.21)
    rack (1.5.2)
    rack-protection (1.3.2)
      rack
    sinatra (1.3.4)
      rack (~> 1.4)
      rack-protection (~> 1.3)
      tilt (~> 1.3, >= 1.3.3)
    tilt (1.3.3)
    typhoeus (0.6.1)
      ethon (~> 0.5.9)

PLATFORMS
  ruby

DEPENDENCIES
  sinatra
  typhoeus
